GEM
  remote: https://rubygems.org/
  specs:
    excon (0.42.1)
    json (1.8.1)
    multi_json (1.10.1)
    neo4j-cypher (1.0.4)
    neography (1.6.0)
      excon (>= 0.33.0)
      json (>= 1.7.7)
      multi_json (>= 1.3.2)
      os (>= 0.9.6)
      rake (>= 0.8.7)
      rubyzip (>= 1.0.0)
    os (0.9.6)
    rake (10.4.2)
    rubyzip (1.1.6)

PLATFORMS
  ruby

DEPENDENCIES
  neo4j-cypher
  neography
